GIT
  remote: https://github.com/notch8/irus_analytics
  revision: 5ca7ad3e07b1dce2858ddb4842a32a8ce47d975c
  branch: active_job_edition
  specs:
    irus_analytics (1.0.3)
      activejob
      config_files
      i18n
      openurl

GIT
  remote: https://github.com/samvera-labs/hyrax-doi.git
  revision: d494a50ef8ce3eae594c7ed7148c33b3c977d4a7
  branch: main
  specs:
    hyrax-doi (0.2.0)
      bolognese (~> 1.8, >= 1.8.6)
      flipflop (~> 2.3)
      hyrax (>= 2.9, < 4.0)
      rails (~> 5.2.4, >= 5.2.4.3)

GIT
  remote: https://github.com/samvera-labs/hyrax-iiif_av.git
  revision: 6273f90016c153d2add33f85cc24285d51a25382
  ref: 6273f90
  specs:
    hyrax-iiif_av (0.2.0)
      blacklight
      hyrax (>= 2.9, < 4.0)
      iiif_manifest (> 0.5)
      rails (~> 5.1)

GIT
  remote: https://github.com/samvera-labs/samvera-nesting_indexer.git
  revision: 8f87880846e75fe4d44787a373fadec8889e291e
  branch: skip_failure_option
  specs:
    samvera-nesting_indexer (2.0.0)
      dry-equalizer

GIT
  remote: https://github.com/samvera/bulkrax
  revision: 97abce11dce209dc325acb0f87e81753ffd65317
  tag: v8.0.0
  specs:
    bulkrax (8.0.0)
      bagit (~> 0.4.6)
      coderay
      denormalize_fields
      iso8601 (~> 0.9.0)
      kaminari
      language_list (~> 1.2, >= 1.2.1)
      libxml-ruby (~> 3.2.4)
      loofah (>= 2.2.3)
      marcel
      oai (>= 0.4, < 2.x)
      rack (>= 2.0.6)
      rails (>= 5.1.6)
      rdf (>= 2.0.2, < 4.0)
      rubyzip
      simple_form

GIT
  remote: https://github.com/samvera/hyrax.git
  revision: 92e22e5d015737e06020aa43563353af56b44305
  branch: hyrax-iiif-manifest-upgrade
  specs:
    hyrax (2.9.6)
      active-fedora (>= 11.5.2, < 13)
      almond-rails (~> 0.1)
      awesome_nested_set (~> 3.1)
      blacklight (~> 6.14)
      blacklight-gallery (~> 0.7)
      breadcrumbs_on_rails (~> 3.0)
      browse-everything (>= 0.16)
      carrierwave (~> 1.0)
      clipboard-rails (~> 1.5)
      draper (~> 4.0)
      dry-equalizer (~> 0.2)
      dry-struct (>= 0.1, < 2.0)
      dry-transaction (~> 0.11)
      dry-validation (>= 0.9, < 2.0)
      flipflop (~> 2.3)
      flot-rails (~> 0.0.6)
      font-awesome-rails (~> 4.2)
      hydra-derivatives (~> 3.3)
      hydra-editor (>= 3.3, < 6.0)
      hydra-head (>= 10.6.1, < 12)
      hydra-works (>= 0.16, < 2.0)
      iiif_manifest (>= 0.3, < 2.0)
      jquery-datatables-rails (~> 3.4)
      jquery-ui-rails (~> 6.0)
      json-schema
      kaminari_route_prefix (~> 0.1.1)
      legato (~> 0.3)
      linkeddata (~> 3.1)
      mailboxer (~> 0.12)
      nest (~> 3.1)
      noid-rails (~> 3.0.0)
      oauth
      oauth2 (~> 1.2)
      posix-spawn
      power_converter (~> 0.1, >= 0.1.2)
      pul_uv_rails (~> 2.0)
      qa (>= 2.0, < 6.0)
      rails (~> 5.0)
      rails_autolink (~> 1.1)
      rdf-rdfxml
      rdf-vocab (< 3.1.5)
      redis-namespace (~> 1.5)
      redlock (>= 0.1.2)
      retriable (>= 2.9, < 4.0)
      samvera-nesting_indexer (~> 2.0)
      sass-rails (~> 5.0)
      select2-rails (~> 3.5)
      signet
      solrizer (>= 3.4, < 5)
      tinymce-rails (~> 4.1)

GIT
  remote: https://github.com/scientist-softserv/hyrax-v2_graph_indexer.git
  revision: 53b0a2d28868af25d306bc361634439c008892ac
  ref: 53b0a2d28868af25d306bc361634439c008892ac
  specs:
    hyrax-v2_graph_indexer (0.5.0)
      hyrax (~> 2.9)
      railties

GIT
  remote: https://github.com/scientist-softserv/iiif_print.git
  revision: 8fdf56e151b5adb7e6aab1cd29d39b74554ed48a
  specs:
    iiif_print (1.0.0)
      blacklight_iiif_search (~> 1.0)
      dry-monads (~> 1.4.0)
      hyrax (>= 2.5, < 4.0)
      nokogiri (>= 1.13.2)
      rails (~> 5.0)
      rdf-vocab (~> 3.0)
      reform-rails (= 0.2.3)

GIT
  remote: https://github.com/tawan/active-elastic-job.git
  revision: ec51c5d9dedc4a1b47f2db41f26d5fceb251e979
  specs:
    active_elastic_job (2.0.1)
      aws-sdk-sqs (~> 1)
      rails (>= 4.2)

GEM
  remote: https://rubygems.org/
  specs:
    actioncable (5.2.7.1)
      actionpack (= 5.2.7.1)
      nio4r (~> 2.0)
      websocket-driver (>= 0.6.1)
    actionmailer (5.2.7.1)
      actionpack (= 5.2.7.1)
      actionview (= 5.2.7.1)
      activejob (= 5.2.7.1)
      mail (~> 2.5, >= 2.5.4)
      rails-dom-testing (~> 2.0)
    actionpack (5.2.7.1)
      actionview (= 5.2.7.1)
      activesupport (= 5.2.7.1)
      rack (~> 2.0, >= 2.0.8)
      rack-test (>= 0.6.3)
      rails-dom-testing (~> 2.0)
      rails-html-sanitizer (~> 1.0, >= 1.0.2)
    actionview (5.2.7.1)
      activesupport (= 5.2.7.1)
      builder (~> 3.1)
      erubi (~> 1.4)
      rails-dom-testing (~> 2.0)
      rails-html-sanitizer (~> 1.0, >= 1.0.3)
    active-fedora (12.2.3)
      active-triples (>= 0.11.0, < 2.0.0)
      activemodel (>= 4.2.10, < 5.3)
      activesupport (>= 4.2.4, < 5.3)
      deprecation
      faraday (~> 0.12)
      faraday-encoding (= 0.0.4)
      ldp (>= 0.7.0, < 2)
      rdf-vocab (< 3.1.5)
      rsolr (>= 1.1.2, < 3)
      ruby-progressbar (~> 1.0)
    active-triples (1.1.1)
      activemodel (>= 3.0.0)
      activesupport (>= 3.0.0)
      rdf (>= 2.0.2, < 4.0)
      rdf-vocab (>= 2.0, < 4.0)
    active_encode (0.8.2)
      rails
      sprockets (< 4)
    activejob (5.2.7.1)
      activesupport (= 5.2.7.1)
      globalid (>= 0.3.6)
    activemodel (5.2.7.1)
      activesupport (= 5.2.7.1)
    activemodel-serializers-xml (1.0.2)
      activemodel (> 5.x)
      activesupport (> 5.x)
      builder (~> 3.1)
    activerecord (5.2.7.1)
      activemodel (= 5.2.7.1)
      activesupport (= 5.2.7.1)
      arel (>= 9.0)
    activerecord-import (1.2.0)
      activerecord (>= 3.2)
    activerecord-nulldb-adapter (0.8.0)
      activerecord (>= 5.2.0, < 7.1)
    activestorage (5.2.7.1)
      actionpack (= 5.2.7.1)
      activerecord (= 5.2.7.1)
      marcel (~> 1.0.0)
    activesupport (5.2.7.1)
      concurrent-ruby (~> 1.0, >= 1.0.2)
      i18n (>= 0.7, < 2)
      minitest (~> 5.1)
      tzinfo (~> 1.1)
    addressable (2.8.0)
      public_suffix (>= 2.0.2, < 5.0)
    almond-rails (0.3.0)
      rails (>= 4.2)
    amazing_print (1.4.0)
    apartment (2.2.1)
      activerecord (>= 3.1.2, < 6.0)
      parallel (>= 0.7.1)
      public_suffix (>= 2)
      rack (>= 1.3.6)
    arel (9.0.0)
    ast (2.4.2)
    autoprefixer-rails (10.3.3.0)
      execjs (~> 2)
    awesome_nested_set (3.4.0)
      activerecord (>= 4.0.0, < 7.0)
    aws-eventstream (1.2.0)
    aws-partitions (1.530.0)
    aws-sdk-core (3.122.1)
      aws-eventstream (~> 1, >= 1.0.2)
      aws-partitions (~> 1, >= 1.525.0)
      aws-sigv4 (~> 1.1)
      jmespath (~> 1.0)
    aws-sdk-kms (1.51.0)
      aws-sdk-core (~> 3, >= 3.122.0)
      aws-sigv4 (~> 1.1)
    aws-sdk-s3 (1.105.1)
      aws-sdk-core (~> 3, >= 3.122.0)
      aws-sdk-kms (~> 1)
      aws-sigv4 (~> 1.4)
    aws-sdk-sqs (1.46.0)
      aws-sdk-core (~> 3, >= 3.122.0)
      aws-sigv4 (~> 1.1)
    aws-sigv4 (1.4.0)
      aws-eventstream (~> 1, >= 1.0.2)
    babel-source (5.8.35)
    babel-transpiler (0.7.0)
      babel-source (>= 4.0, < 6)
      execjs (~> 2.0)
    bagit (0.4.6)
      docopt (~> 0.5.0)
      validatable (~> 1.6)
    bcp47 (0.3.3)
      i18n
    bcrypt (3.1.16)
    benchmark_methods (0.7)
    bibtex-ruby (6.0.0)
      latex-decode (~> 0.0)
    bindex (0.8.1)
    blacklight (6.24.0)
      bootstrap-sass (~> 3.2)
      deprecation
      globalid
      jbuilder (~> 2.7)
      kaminari (>= 0.15)
      nokogiri (~> 1.6)
      rails (>= 4.2, < 6)
      rsolr (>= 1.0.6, < 3)
      twitter-typeahead-rails (= 0.11.1.pre.corejavascript)
    blacklight-access_controls (0.6.2)
      blacklight (~> 6.0)
      cancancan (~> 1.8)
      deprecation (~> 1.0)
    blacklight-gallery (0.12.0)
      blacklight (~> 6.3)
      bootstrap-sass (~> 3.0)
      openseadragon (>= 0.2.0)
      rails
    blacklight_iiif_search (1.0.0)
      blacklight (~> 6.0)
      iiif-presentation
      rails (>= 4.2, < 6)
    blacklight_oai_provider (6.1.1)
      blacklight (~> 6.0)
      oai (~> 1.0)
    bolognese (1.11.0)
      activesupport (>= 4.2.5)
      benchmark_methods (~> 0.7)
      bibtex-ruby (>= 5.1.0)
      builder (~> 3.2, >= 3.2.2)
      citeproc-ruby (~> 1.1, >= 1.1.12)
      colorize (~> 0.8.1)
      concurrent-ruby (~> 1.1, >= 1.1.5)
      csl-styles (~> 1.0, >= 1.0.1.10)
      edtf (~> 3.0, >= 3.0.4)
      gender_detector (~> 0.1.2)
      iso8601 (~> 0.9.1)
      json-ld-preloaded (~> 3.1, >= 3.1.3)
      jsonlint (~> 0.3.0)
      loofah (~> 2.0, >= 2.0.3)
      maremma (>= 4.9.4, < 5)
      namae (~> 1.0)
      nokogiri (>= 1.13.2, < 1.14)
      oj (~> 3.10)
      oj_mimic_json (~> 1.0, >= 1.0.1)
      postrank-uri (~> 1.0, >= 1.0.18)
      rdf-rdfxml (~> 3.1)
      rdf-turtle (~> 3.1)
      thor (>= 0.19)
    bootstrap-datepicker-rails (1.9.0.1)
      railties (>= 3.0)
    bootstrap-sass (3.4.1)
      autoprefixer-rails (>= 5.2.1)
      sassc (>= 2.0.0)
    brakeman (5.1.2)
    breadcrumbs_on_rails (3.0.1)
    browse-everything (1.1.2)
      addressable (~> 2.5)
      aws-sdk-s3
      dropbox_api (>= 0.1.10)
      google-api-client (~> 0.23)
      google_drive (>= 2.1, < 4)
      googleauth (>= 0.6.6, < 1.0)
      rails (>= 4.2, < 7.0)
      ruby-box
      signet (~> 0.8)
      typhoeus
    builder (3.2.4)
    byebug (11.1.3)
    cancancan (1.17.0)
    capybara (3.36.0)
      addressable
      matrix
      mini_mime (>= 0.1.3)
      nokogiri (~> 1.8)
      rack (>= 1.6.0)
      rack-test (>= 0.6.3)
      regexp_parser (>= 1.5, < 3.0)
      xpath (~> 3.2)
    capybara-screenshot (1.0.25)
      capybara (>= 1.0, < 4)
      launchy
    carrierwave (1.3.2)
      activemodel (>= 4.0.0)
      activesupport (>= 4.0.0)
      mime-types (>= 1.16)
      ssrf_filter (~> 1.0)
    carrierwave-aws (1.4.0)
      aws-sdk-s3 (~> 1.0)
      carrierwave (>= 0.7, < 2.1)
    childprocess (3.0.0)
    citeproc (1.0.10)
      namae (~> 1.0)
    citeproc-ruby (1.1.14)
      citeproc (~> 1.0, >= 1.0.9)
      csl (~> 1.6)
    clipboard-rails (1.7.1)
    cocoon (1.2.15)
    code_analyzer (0.5.2)
      sexp_processor
    codemirror-rails (5.16.0)
      railties (>= 3.0, < 6.0)
    coderay (1.1.3)
    coffee-rails (4.2.2)
      coffee-script (>= 2.2.0)
      railties (>= 4.0.0)
    coffee-script (2.4.1)
      coffee-script-source
      execjs
    coffee-script-source (1.12.2)
    colorize (0.8.1)
    concurrent-ruby (1.1.10)
    config_files (0.1.6)
      activesupport (>= 2.2.1)
    connection_pool (2.2.5)
    crack (0.4.5)
      rexml
    crass (1.0.6)
    csl (1.6.0)
      namae (~> 1.0)
      rexml
    csl-styles (1.0.1.11)
      csl (~> 1.0)
    database_cleaner (2.0.1)
      database_cleaner-active_record (~> 2.0.0)
    database_cleaner-active_record (2.0.1)
      activerecord (>= 5.a)
      database_cleaner-core (~> 2.0.0)
    database_cleaner-core (2.0.1)
    declarative (0.0.20)
    denormalize_fields (1.3.0)
      activerecord (>= 4.1.14, < 8.0.0)
    deprecation (1.1.0)
      activesupport
    devise (4.8.0)
      bcrypt (~> 3.0)
      orm_adapter (~> 0.1)
      railties (>= 4.1.0)
      responders
      warden (~> 1.2.3)
    devise-guests (0.8.1)
      devise
    devise-i18n (1.10.1)
      devise (>= 4.8.0)
    devise_invitable (1.7.5)
      actionmailer (>= 4.1.0)
      devise (>= 4.0.0)
    diff-lcs (1.4.4)
    disposable (0.6.3)
      declarative (>= 0.0.9, < 1.0.0)
      representable (>= 3.1.1, < 4)
    docile (1.4.0)
    docopt (0.5.0)
    draper (4.0.2)
      actionpack (>= 5.0)
      activemodel (>= 5.0)
      activemodel-serializers-xml (>= 1.0)
      activesupport (>= 5.0)
      request_store (>= 1.0)
      ruby2_keywords
    dropbox_api (0.1.18)
      faraday (<= 1.0)
      oauth2 (~> 1.1)
    dry-configurable (0.13.0)
      concurrent-ruby (~> 1.0)
      dry-core (~> 0.6)
    dry-container (0.9.0)
      concurrent-ruby (~> 1.0)
      dry-configurable (~> 0.13, >= 0.13.0)
    dry-core (0.7.1)
      concurrent-ruby (~> 1.0)
    dry-equalizer (0.3.0)
    dry-events (0.3.0)
      concurrent-ruby (~> 1.0)
      dry-core (~> 0.5, >= 0.5)
    dry-inflector (0.2.1)
    dry-initializer (3.0.4)
    dry-logic (1.2.0)
      concurrent-ruby (~> 1.0)
      dry-core (~> 0.5, >= 0.5)
    dry-matcher (0.9.0)
      dry-core (~> 0.4, >= 0.4.8)
    dry-monads (1.4.0)
      concurrent-ruby (~> 1.0)
      dry-core (~> 0.7)
    dry-schema (1.8.0)
      concurrent-ruby (~> 1.0)
      dry-configurable (~> 0.13, >= 0.13.0)
      dry-core (~> 0.5, >= 0.5)
      dry-initializer (~> 3.0)
      dry-logic (~> 1.0)
      dry-types (~> 1.5)
    dry-struct (1.4.0)
      dry-core (~> 0.5, >= 0.5)
      dry-types (~> 1.5)
      ice_nine (~> 0.11)
    dry-transaction (0.13.3)
      dry-container (>= 0.2.8)
      dry-events (>= 0.1.0)
      dry-matcher (>= 0.7.0)
      dry-monads (>= 0.4.0)
    dry-types (1.5.1)
      concurrent-ruby (~> 1.0)
      dry-container (~> 0.3)
      dry-core (~> 0.5, >= 0.5)
      dry-inflector (~> 0.1, >= 0.1.2)
      dry-logic (~> 1.0, >= 1.0.2)
    dry-validation (1.7.0)
      concurrent-ruby (~> 1.0)
      dry-container (~> 0.7, >= 0.7.1)
      dry-core (~> 0.5, >= 0.5)
      dry-initializer (~> 3.0)
      dry-schema (~> 1.8, >= 1.8.0)
    easy_translate (0.5.1)
      thread
      thread_safe
    ebnf (2.2.1)
      amazing_print (~> 1.2)
      htmlentities (~> 4.3)
      rdf (~> 3.1)
      scanf (~> 1.0)
      sxp (~> 1.1)
      unicode-types (~> 1.6)
    edtf (3.0.7)
      activesupport (>= 3.0, < 8.0)
    equivalent-xml (0.6.0)
      nokogiri (>= 1.4.3)
    erubi (1.10.0)
    erubis (2.7.0)
    ethon (0.15.0)
      ffi (>= 1.15.0)
    excon (0.71.1)
    execjs (2.8.1)
    factory_bot (6.2.0)
      activesupport (>= 5.0.0)
    factory_bot_rails (6.2.0)
      factory_bot (~> 6.2.0)
      railties (>= 5.0.0)
    faraday (0.17.5)
      multipart-post (>= 1.2, < 3)
    faraday-encoding (0.0.4)
      faraday
    faraday_middleware (0.14.0)
      faraday (>= 0.7.4, < 1.0)
    fcrepo_wrapper (0.9.0)
      ruby-progressbar
    ffi (1.15.4)
    flay (2.12.1)
      erubis (~> 2.7.0)
      path_expander (~> 1.0)
      ruby_parser (~> 3.0)
      sexp_processor (~> 4.0)
    flipflop (2.6.0)
      activesupport (>= 4.0)
    flot-rails (0.0.7)
      jquery-rails
    flutie (2.2.0)
    font-awesome-rails (4.7.0.7)
      railties (>= 3.2, < 7)
    gems (1.2.0)
    gender_detector (0.1.2)
      unicode_utils (>= 1.3.0)
    geocoder (1.7.0)
    gitlab (4.17.0)
      httparty (~> 0.18)
      terminal-table (~> 1.5, >= 1.5.1)
    globalid (1.0.0)
      activesupport (>= 5.0)
    google-api-client (0.53.0)
      google-apis-core (~> 0.1)
      google-apis-generator (~> 0.1)
    google-apis-core (0.4.1)
      addressable (~> 2.5, >= 2.5.1)
      googleauth (>= 0.16.2, < 2.a)
      httpclient (>= 2.8.1, < 3.a)
      mini_mime (~> 1.0)
      representable (~> 3.0)
      retriable (>= 2.0, < 4.a)
      rexml
      webrick
    google-apis-discovery_v1 (0.7.0)
      google-apis-core (>= 0.4, < 2.a)
    google-apis-drive_v3 (0.16.0)
      google-apis-core (>= 0.4, < 2.a)
    google-apis-generator (0.4.0)
      activesupport (>= 5.0)
      gems (~> 1.2)
      google-apis-core (>= 0.4, < 2.a)
      google-apis-discovery_v1 (~> 0.5)
      thor (>= 0.20, < 2.a)
    google-apis-sheets_v4 (0.10.0)
      google-apis-core (>= 0.4, < 2.a)
    google_drive (3.0.7)
      google-apis-drive_v3 (>= 0.5.0, < 1.0.0)
      google-apis-sheets_v4 (>= 0.4.0, < 1.0.0)
      googleauth (>= 0.5.0, < 1.0.0)
      nokogiri (>= 1.5.3, < 2.0.0)
    googleauth (0.17.1)
      faraday (>= 0.17.3, < 2.0)
      jwt (>= 1.4, < 3.0)
      memoist (~> 0.16)
      multi_json (~> 1.11)
      os (>= 0.9, < 2.0)
      signet (~> 0.15)
    haml (5.2.2)
      temple (>= 0.8.0)
      tilt
    hamster (3.0.0)
      concurrent-ruby (~> 1.0)
    hashdiff (1.0.1)
    highline (2.0.3)
    hiredis (0.6.3)
    htmlentities (4.3.4)
    http_logger (0.7.0)
    httparty (0.20.0)
      mime-types (~> 3.0)
      multi_xml (>= 0.5.2)
    httpclient (2.8.3)
    hydra-access-controls (11.0.7)
      active-fedora (>= 10.0.0)
      activesupport (>= 4, < 6)
      blacklight (>= 5.16)
      blacklight-access_controls (~> 0.6.0)
      cancancan (~> 1.8)
      deprecation (~> 1.0)
    hydra-core (11.0.7)
      hydra-access-controls (= 11.0.7)
      railties (>= 4.0.0, < 6)
    hydra-derivatives (3.6.0)
      active-fedora (>= 11.5.6, != 13.2.1, != 13.2.0, != 13.1.3, != 13.1.2, != 13.1.1, != 13.1.0, != 13.0.0, != 12.2.1, != 12.2.0, != 12.1.1, != 12.1.0, != 12.0.3, != 12.0.2, != 12.0.1, != 12.0.0)
      active_encode (~> 0.1)
      activesupport (>= 4.0, < 7)
      addressable (~> 2.5)
      deprecation
      mime-types (> 2.0, < 4.0)
      mini_magick (>= 3.2, < 5)
    hydra-editor (5.0.5)
      active-fedora (>= 9.0.0)
      activerecord (~> 5.0)
      almond-rails (~> 0.1)
      cancancan (~> 1.8)
      rails (>= 5, < 6)
      simple_form (>= 4.1.0, < 6.0)
      sprockets (~> 3.7)
      sprockets-es6
    hydra-file_characterization (1.1.2)
      activesupport (>= 3.0.0)
    hydra-head (11.0.7)
      hydra-access-controls (= 11.0.7)
      hydra-core (= 11.0.7)
      rails (>= 5.2, < 6.1)
    hydra-pcdm (1.1.0)
      active-fedora (>= 10, < 14)
      mime-types (>= 1)
    hydra-works (1.2.0)
      activesupport (>= 4.2.10, < 6.0)
      hydra-derivatives (~> 3.0)
      hydra-file_characterization (~> 1.0)
      hydra-pcdm (>= 0.9)
    i18n (1.10.0)
      concurrent-ruby (~> 1.0)
    i18n-debug (1.2.0)
      i18n (< 2)
    i18n-tasks (0.9.35)
      activesupport (>= 4.0.2)
      ast (>= 2.1.0)
      erubi
      highline (>= 2.0.0)
      i18n
      parser (>= 2.2.3.0)
      rails-i18n
      rainbow (>= 2.2.2, < 4.0)
      terminal-table (>= 1.5.1)
    ice_nine (0.11.2)
    iiif-presentation (1.1.0)
      activesupport (>= 3.2.18)
      faraday (>= 0.9)
      json
    iiif_manifest (1.3.1)
      activesupport (>= 4)
    is_it_working (1.1.0)
    iso-639 (0.3.5)
    iso8601 (0.9.1)
    jbuilder (2.11.3)
      activesupport (>= 5.0.0)
    jmespath (1.4.0)
    jquery-datatables-rails (3.4.0)
      actionpack (>= 3.1)
      jquery-rails
      railties (>= 3.1)
      sass-rails
    jquery-rails (4.4.0)
      rails-dom-testing (>= 1, < 3)
      railties (>= 4.2.0)
      thor (>= 0.14, < 2.0)
    jquery-ui-rails (6.0.1)
      railties (>= 3.2.16)
    json (2.6.1)
    json-canonicalization (0.2.1)
    json-ld (3.1.10)
      htmlentities (~> 4.3)
      json-canonicalization (~> 0.2)
      link_header (~> 0.0, >= 0.0.8)
      multi_json (~> 1.14)
      rack (~> 2.0)
      rdf (~> 3.1)
    json-ld-preloaded (3.1.6)
      json-ld (~> 3.1)
      rdf (~> 3.1)
    json-schema (2.8.1)
      addressable (>= 2.4)
    jsonlint (0.3.0)
      oj (~> 3)
      optimist (~> 3)
    jwt (2.3.0)
    kaminari (1.2.2)
      activesupport (>= 4.1.0)
      kaminari-actionview (= 1.2.2)
      kaminari-activerecord (= 1.2.2)
      kaminari-core (= 1.2.2)
    kaminari-actionview (1.2.2)
      actionview
      kaminari-core (= 1.2.2)
    kaminari-activerecord (1.2.2)
      activerecord
      kaminari-core (= 1.2.2)
    kaminari-core (1.2.2)
    kaminari_route_prefix (0.1.1)
      kaminari (~> 1.0)
    language_list (1.2.1)
    latex-decode (0.4.0)
    launchy (2.5.0)
      addressable (~> 2.7)
    ld-patch (3.1.3)
      ebnf (~> 2.1)
      rdf (~> 3.1)
      rdf-xsd (~> 3.1)
      sparql (~> 3.1)
      sxp (~> 1.1)
    ldp (1.0.3)
      deprecation
      faraday
      http_logger
      json-ld
      rdf (>= 1.1)
      rdf-isomorphic
      rdf-turtle
      rdf-vocab (>= 0.8)
      slop
    ldpath (1.1.0)
      nokogiri (~> 1.8)
      parslet
      rdf (~> 3.0)
    legato (0.7.0)
      multi_json
    libxml-ruby (3.2.4)
    link_header (0.0.8)
    linkeddata (3.1.1)
      equivalent-xml (~> 0.6)
      json-ld (~> 3.1, >= 3.1.1)
      json-ld-preloaded (~> 3.1, >= 3.1.1)
      ld-patch (~> 3.1)
      nokogiri (~> 1.10)
      nokogumbo (~> 2.0)
      rdf (~> 3.1, >= 3.1.1)
      rdf-aggregate-repo (~> 3.1)
      rdf-isomorphic (~> 3.1)
      rdf-json (~> 3.1)
      rdf-microdata (~> 3.1)
      rdf-n3 (~> 3.1)
      rdf-normalize (~> 0.4)
      rdf-rdfa (~> 3.1)
      rdf-rdfxml (~> 3.1)
      rdf-reasoner (~> 0.6)
      rdf-tabular (~> 3.1)
      rdf-trig (~> 3.1)
      rdf-trix (~> 3.1)
      rdf-turtle (~> 3.1)
      rdf-vocab (~> 3.1, >= 3.1.2)
      rdf-xsd (~> 3.1)
      shex (~> 0.6)
      sparql (~> 3.1)
      sparql-client (~> 3.1)
    listen (3.1.5)
      rb-fsevent (~> 0.9, >= 0.9.4)
      rb-inotify (~> 0.9, >= 0.9.7)
      ruby_dep (~> 1.2)
    logger (1.4.4)
    lograge (0.11.2)
      actionpack (>= 4)
      activesupport (>= 4)
      railties (>= 4)
      request_store (~> 1.0)
    loofah (2.16.0)
      crass (~> 1.0.2)
      nokogiri (>= 1.5.9)
    mail (2.7.1)
      mini_mime (>= 0.1.1)
    mailboxer (0.15.1)
      carrierwave (>= 0.5.8)
      rails (>= 5.0.0)
    marc (1.2.0)
      rexml
      scrub_rb (>= 1.0.1, < 2)
      unf
    marcel (1.0.2)
    maremma (4.9.8)
      activesupport (>= 4.2.5)
      addressable (>= 2.3.6)
      builder (~> 3.2, >= 3.2.2)
      excon (~> 0.71.0)
      faraday (~> 0.17.3)
      faraday-encoding (~> 0.0.4)
      faraday_middleware (~> 0.14.0)
      nokogiri (>= 1.11.2, < 1.14.0)
      oj (>= 2.8.3)
      oj_mimic_json (~> 1.0, >= 1.0.1)
    matrix (0.4.2)
    memoist (0.16.2)
    method_source (1.0.0)
    mime-types (3.4.1)
      mime-types-data (~> 3.2015)
    mime-types-data (3.2021.1115)
    mini_magick (4.11.0)
    mini_mime (1.1.2)
    mini_portile2 (2.8.1)
    minitest (5.15.0)
    mods (2.4.1)
      edtf
      iso-639
      nokogiri (>= 1.6.6)
      nom-xml (~> 1.0)
    multi_json (1.15.0)
    multi_xml (0.6.0)
    multipart-post (2.1.1)
    namae (1.1.1)
    nest (3.2.0)
      redic
    net-http-persistent (4.0.1)
      connection_pool (~> 2.2)
    nio4r (2.5.8)
    noid (0.9.0)
    noid-rails (3.0.3)
      actionpack (>= 5.0.0, < 7)
      noid (~> 0.9)
    nokogiri (1.13.10)
      mini_portile2 (~> 2.8.0)
      racc (~> 1.4)
    nokogumbo (2.0.5)
      nokogiri (~> 1.8, >= 1.8.4)
    nom-xml (1.1.0)
      activesupport (>= 3.2.18)
      i18n
      nokogiri
    oai (1.1.0)
      builder (>= 3.1.0)
      faraday
      faraday_middleware
    oauth (0.5.8)
    oauth2 (1.4.7)
      faraday (>= 0.8, < 2.0)
      jwt (>= 1.0, < 3.0)
      multi_json (~> 1.3)
      multi_xml (~> 0.5)
      rack (>= 1.2, < 3)
    octokit (4.21.0)
      faraday (>= 0.9)
      sawyer (~> 0.8.0, >= 0.5.3)
    oj (3.14.2)
    oj_mimic_json (1.0.1)
    openseadragon (0.6.0)
      rails (> 3.2.0)
    openurl (1.0.0)
      marc
      scrub_rb (~> 1.0)
    optimist (3.0.1)
    orm_adapter (0.5.0)
    os (1.1.4)
    parallel (1.21.0)
    parser (2.5.3.0)
      ast (~> 2.4.0)
    parslet (2.0.0)
    path_expander (1.1.0)
    pg (1.2.3)
    posix-spawn (0.3.15)
    postrank-uri (1.0.24)
      addressable (>= 2.4.0)
      nokogiri (>= 1.8.0)
      public_suffix (>= 2.0.0, < 2.1)
    power_converter (0.1.2)
    powerpack (0.1.3)
    pronto (0.10.0)
      gitlab (~> 4.0, >= 4.0.0)
      httparty (>= 0.13.7)
      octokit (~> 4.7, >= 4.7.0)
      rainbow (>= 2.2, < 4.0)
      rugged (~> 0.24, >= 0.23.0)
      thor (~> 0.20.0)
    pronto-brakeman (0.10.0)
      brakeman (>= 3.2.0)
      pronto (~> 0.10.0)
    pronto-flay (0.10.0)
      flay (~> 2.8)
      pronto (~> 0.10.0)
    pronto-rails_best_practices (0.10.0)
      pronto (~> 0.10.0)
      rails_best_practices (~> 1.16, >= 1.15.0)
    pronto-rails_schema (0.10.0)
      pronto (~> 0.10.0)
    pronto-rubocop (0.10.0)
      pronto (~> 0.10.0)
      rubocop (~> 0.50, >= 0.49.1)
    pry (0.13.1)
      coderay (~> 1.1)
      method_source (~> 1.0)
    pry-byebug (3.9.0)
      byebug (~> 11.0)
      pry (~> 0.13.0)
    public_suffix (2.0.5)
    pul_uv_rails (2.0.1)
    puma (4.3.10)
      nio4r (~> 2.0)
    qa (5.7.0)
      activerecord-import
      deprecation
      faraday
      geocoder
      ldpath
      nokogiri (~> 1.6)
      rails (>= 5.0, < 6.2)
      rdf
    racc (1.6.0)
    rack (2.2.3)
    rack-test (0.7.0)
      rack (>= 1.0, < 3)
    rails (5.2.7.1)
      actioncable (= 5.2.7.1)
      actionmailer (= 5.2.7.1)
      actionpack (= 5.2.7.1)
      actionview (= 5.2.7.1)
      activejob (= 5.2.7.1)
      activemodel (= 5.2.7.1)
      activerecord (= 5.2.7.1)
      activestorage (= 5.2.7.1)
      activesupport (= 5.2.7.1)
      bundler (>= 1.3.0)
      railties (= 5.2.7.1)
      sprockets-rails (>= 2.0.0)
    rails-controller-testing (1.0.5)
      actionpack (>= 5.0.1.rc1)
      actionview (>= 5.0.1.rc1)
      activesupport (>= 5.0.1.rc1)
    rails-dom-testing (2.0.3)
      activesupport (>= 4.2.0)
      nokogiri (>= 1.6)
    rails-html-sanitizer (1.4.2)
      loofah (~> 2.3)
    rails-i18n (5.1.3)
      i18n (>= 0.7, < 2)
      railties (>= 5.0, < 6)
    rails_autolink (1.1.6)
      rails (> 3.1)
    rails_best_practices (1.22.1)
      activesupport
      code_analyzer (>= 0.5.2)
      erubis
      i18n
      json
      require_all (~> 3.0)
      ruby-progressbar
    railties (5.2.7.1)
      actionpack (= 5.2.7.1)
      activesupport (= 5.2.7.1)
      method_source
      rake (>= 0.8.7)
      thor (>= 0.19.0, < 2.0)
    rainbow (3.0.0)
    rake (13.0.6)
    rb-fsevent (0.11.0)
    rb-inotify (0.10.1)
      ffi (~> 1.0)
    rdf (3.1.15)
      hamster (~> 3.0)
      link_header (~> 0.0, >= 0.0.8)
    rdf-aggregate-repo (3.1.0)
      rdf (~> 3.1)
    rdf-isomorphic (3.1.1)
      rdf (~> 3.1)
    rdf-json (3.1.0)
      rdf (~> 3.1)
    rdf-microdata (3.1.1)
      htmlentities (~> 4.3)
      nokogiri (~> 1.10)
      rdf (~> 3.1)
      rdf-xsd (~> 3.1)
    rdf-n3 (3.1.2)
      ebnf (~> 2.1)
      rdf (~> 3.1, >= 3.1.8)
      sparql (~> 3.1, >= 3.1.4)
      sxp (~> 1.1)
    rdf-normalize (0.4.0)
      rdf (~> 3.1)
    rdf-rdfa (3.1.0)
      haml (~> 5.1)
      htmlentities (~> 4.3)
      rdf (~> 3.1)
      rdf-aggregate-repo (~> 3.1)
      rdf-xsd (~> 3.1)
    rdf-rdfxml (3.1.1)
      htmlentities (~> 4.3)
      rdf (~> 3.1)
      rdf-rdfa (~> 3.1)
      rdf-xsd (~> 3.1)
    rdf-reasoner (0.7.2)
      rdf (~> 3.1, >= 3.1.12)
      rdf-xsd (~> 3.1)
    rdf-tabular (3.1.1)
      addressable (~> 2.3)
      bcp47 (~> 0.3, >= 0.3.3)
      json-ld (~> 3.1)
      rdf (~> 3.1)
      rdf-vocab (~> 3.1)
      rdf-xsd (~> 3.1)
    rdf-trig (3.1.2)
      ebnf (~> 2.1)
      rdf (~> 3.1)
      rdf-turtle (~> 3.1)
    rdf-trix (3.1.1)
      rdf (~> 3.1)
      rdf-xsd (~> 3.1)
    rdf-turtle (3.1.3)
      ebnf (~> 2.1)
      rdf (~> 3.1, >= 3.1.8)
    rdf-vocab (3.1.4)
      rdf (~> 3.1)
    rdf-xsd (3.1.1)
      rdf (~> 3.1)
      rexml (~> 3.2)
    redic (1.5.3)
      hiredis
    redis (4.5.1)
    redis-namespace (1.8.1)
      redis (>= 3.0.4)
    redlock (1.2.2)
      redis (>= 3.0.0, < 5.0)
    reform (2.6.2)
      disposable (>= 0.5.0, < 1.0.0)
      representable (>= 3.1.1, < 4)
      uber (< 0.2.0)
    reform-rails (0.2.3)
      activemodel (>= 5.0)
      reform (>= 2.3.1, < 3.0.0)
    regexp_parser (2.1.1)
    representable (3.1.1)
      declarative (< 0.1.0)
      trailblazer-option (>= 0.1.1, < 0.2.0)
      uber (< 0.2.0)
    request_store (1.5.0)
      rack (>= 1.4)
    require_all (3.0.0)
    responders (3.0.1)
      actionpack (>= 5.0)
      railties (>= 5.0)
    retriable (3.1.2)
    rexml (3.2.5)
    riiif (1.7.1)
      deprecation (>= 1.0.0)
      railties (>= 4.2, < 6)
    rolify (6.0.0)
    rsolr (2.3.0)
      builder (>= 2.1.2)
      faraday (>= 0.9.0)
    rspec (3.10.0)
      rspec-core (~> 3.10.0)
      rspec-expectations (~> 3.10.0)
      rspec-mocks (~> 3.10.0)
    rspec-activemodel-mocks (1.1.0)
      activemodel (>= 3.0)
      activesupport (>= 3.0)
      rspec-mocks (>= 2.99, < 4.0)
    rspec-core (3.10.1)
      rspec-support (~> 3.10.0)
    rspec-expectations (3.10.1)
      diff-lcs (>= 1.2.0, < 2.0)
      rspec-support (~> 3.10.0)
    rspec-its (1.3.0)
      rspec-core (>= 3.0.0)
      rspec-expectations (>= 3.0.0)
    rspec-mocks (3.10.2)
      diff-lcs (>= 1.2.0, < 2.0)
      rspec-support (~> 3.10.0)
    rspec-rails (5.0.2)
      actionpack (>= 5.2)
      activesupport (>= 5.2)
      railties (>= 5.2)
      rspec-core (~> 3.10)
      rspec-expectations (~> 3.10)
      rspec-mocks (~> 3.10)
      rspec-support (~> 3.10)
    rspec-retry (0.6.2)
      rspec-core (> 3.3)
    rspec-support (3.10.3)
    rspec_junit_formatter (0.4.1)
      rspec-core (>= 2, < 4, != 2.12.0)
    rubocop (0.52.1)
      parallel (~> 1.10)
      parser (>= 2.4.0.2, < 3.0)
      powerpack (~> 0.1)
      rainbow (>= 2.2.2, < 4.0)
      ruby-progressbar (~> 1.7)
      unicode-display_width (~> 1.0, >= 1.0.1)
    rubocop-rspec (1.22.2)
      rubocop (>= 0.52.1)
    ruby-box (1.15.0)
      addressable
      json
      multipart-post
      oauth2
    ruby-progressbar (1.11.0)
    ruby2_keywords (0.0.5)
    ruby_dep (1.5.0)
    ruby_parser (3.18.1)
      sexp_processor (~> 4.16)
    rubyzip (2.3.2)
    rugged (0.99.0)
    sass (3.7.4)
      sass-listen (~> 4.0.0)
    sass-listen (4.0.0)
      rb-fsevent (~> 0.9, >= 0.9.4)
      rb-inotify (~> 0.9, >= 0.9.7)
    sass-rails (5.1.0)
      railties (>= 5.2.0)
      sass (~> 3.1)
      sprockets (>= 2.8, < 4.0)
      sprockets-rails (>= 2.0, < 4.0)
      tilt (>= 1.1, < 3)
    sassc (2.4.0)
      ffi (~> 1.9)
    sawyer (0.8.2)
      addressable (>= 2.3.5)
      faraday (> 0.8, < 2.0)
    scanf (1.0.0)
    scrub_rb (1.0.1)
    scss_lint (0.59.0)
      sass (~> 3.5, >= 3.5.5)
    secure_headers (6.3.3)
    select2-rails (3.5.11)
    selenium-webdriver (3.142.7)
      childprocess (>= 0.5, < 4.0)
      rubyzip (>= 1.2.2)
    sentry-raven (2.13.0)
      faraday (>= 0.7.6, < 1.0)
    sexp_processor (4.16.0)
    shex (0.6.4)
      ebnf (~> 2.1, >= 2.2)
      htmlentities (~> 4.3)
      json-ld (~> 3.1)
      json-ld-preloaded (~> 3.1)
      rdf (~> 3.1)
      rdf-xsd (~> 3.1)
      sparql (~> 3.1)
      sxp (~> 1.1)
    shoulda-matchers (4.5.1)
      activesupport (>= 4.2.0)
    sidekiq (6.3.1)
      connection_pool (>= 2.2.2)
      rack (~> 2.0)
      redis (>= 4.2.0)
    signet (0.16.0)
      addressable (~> 2.8)
      faraday (>= 0.17.3, < 2.0)
      jwt (>= 1.5, < 3.0)
      multi_json (~> 1.10)
    simple_form (5.1.0)
      actionpack (>= 5.2)
      activemodel (>= 5.2)
    simplecov (0.21.2)
      docile (~> 1.1)
      simplecov-html (~> 0.11)
      simplecov_json_formatter (~> 0.1)
    simplecov-html (0.12.3)
    simplecov_json_formatter (0.1.3)
    slop (4.9.1)
    solr_wrapper (2.2.0)
      faraday
      retriable
      ruby-progressbar
      rubyzip
    solrizer (4.1.0)
      activesupport
      nokogiri
      xml-simple
    sparql (3.1.8)
      builder (~> 3.2)
      ebnf (~> 2.1)
      logger (~> 1.4)
      rdf (~> 3.1, >= 3.1.14)
      rdf-aggregate-repo (~> 3.1)
      rdf-xsd (~> 3.1)
      sparql-client (~> 3.1, >= 3.1.2)
      sxp (~> 1.1)
    sparql-client (3.1.2)
      net-http-persistent (~> 4.0, >= 4.0.1)
      rdf (~> 3.1)
    spring (1.7.2)
    spring-commands-rspec (1.0.4)
      spring (>= 0.9.1)
    spring-watcher-listen (2.0.1)
      listen (>= 2.7, < 4.0)
      spring (>= 1.2, < 3.0)
    sprockets (3.7.2)
      concurrent-ruby (~> 1.0)
      rack (> 1, < 3)
    sprockets-es6 (0.9.2)
      babel-source (>= 5.8.11)
      babel-transpiler
      sprockets (>= 3.0.0)
    sprockets-rails (3.4.2)
      actionpack (>= 5.2)
      activesupport (>= 5.2)
      sprockets (>= 3.0.0)
    ssrf_filter (1.0.7)
    sxp (1.1.0)
      rdf (~> 3.1)
    temple (0.8.2)
    terminal-table (1.8.0)
      unicode-display_width (~> 1.1, >= 1.1.1)
    tether-rails (1.4.0)
      rails (>= 3.1)
    thor (0.20.3)
    thread (0.2.2)
    thread_safe (0.3.6)
    tilt (2.0.10)
    tinymce-rails (4.9.11)
      railties (>= 3.1.1)
    trailblazer-option (0.1.2)
    turbolinks (5.2.1)
      turbolinks-source (~> 5.2)
    turbolinks-source (5.2.0)
    twitter-typeahead-rails (0.11.1.pre.corejavascript)
      actionpack (>= 3.1)
      jquery-rails
      railties (>= 3.1)
    typhoeus (1.4.0)
      ethon (>= 0.9.0)
    tzinfo (1.2.9)
      thread_safe (~> 0.1)
    uber (0.1.0)
    uglifier (4.2.0)
      execjs (>= 0.3.0, < 3)
    unf (0.1.4)
      unf_ext
    unf_ext (0.0.8.2)
    unicode-display_width (1.8.0)
    unicode-types (1.7.0)
    unicode_utils (1.4.0)
    validatable (1.6.7)
    validate_url (1.0.13)
      activemodel (>= 3.0.0)
      public_suffix
    warden (1.2.9)
      rack (>= 2.0.9)
    web-console (3.7.0)
      actionview (>= 5.0)
      activemodel (>= 5.0)
      bindex (>= 0.4.0)
      railties (>= 5.0)
    webdrivers (4.7.0)
      nokogiri (~> 1.6)
      rubyzip (>= 1.3.0)
      selenium-webdriver (> 3.141, < 5.0)
    webmock (3.14.0)
      addressable (>= 2.8.0)
      crack (>= 0.3.2)
      hashdiff (>= 0.4.0, < 2.0.0)
    webrick (1.7.0)
    websocket-driver (0.7.5)
      websocket-extensions (>= 0.1.0)
    websocket-extensions (0.1.5)
    xml-simple (1.1.9)
      rexml
    xpath (3.2.0)
      nokogiri (~> 1.8)

PLATFORMS
  ruby

DEPENDENCIES
  active-fedora (>= 11.1.4)
  active_elastic_job!
  activerecord-nulldb-adapter
  apartment
  aws-sdk-sqs
  blacklight (~> 6.7)
  blacklight_oai_provider (~> 6.1, >= 6.1.1)
  bootstrap-datepicker-rails
  browse-everything (~> 1.1.2)
  bulkrax!
  byebug
  capybara
  capybara-screenshot (~> 1.0)
  carrierwave-aws (~> 1.3)
  cocoon
  codemirror-rails
  coffee-rails (~> 4.2)
  database_cleaner
  devise
  devise-guests (~> 0.3)
  devise-i18n
  devise_invitable (~> 1.6)
  easy_translate
  factory_bot_rails
  fcrepo_wrapper (~> 0.4)
  flipflop (~> 2.3)
  flutie
  httparty
  hyrax!
  hyrax-doi!
  hyrax-iiif_av!
  hyrax-v2_graph_indexer (~> 0.5)!
  i18n-debug
  i18n-tasks
  iiif_print!
  irus_analytics!
  is_it_working
  jbuilder (~> 2.5)
  jquery-rails
  launchy
  ldp (>= 1.0.3)
  listen (>= 3.0.5, < 3.2)
  lograge
  mods (~> 2.4)
  parser (~> 2.5.3)
  pg
  pronto
  pronto-brakeman
  pronto-flay
  pronto-rails_best_practices
  pronto-rails_schema
  pronto-rubocop
  pry-byebug
  puma (~> 4.3)
  rack-test (= 0.7.0)
  rails (~> 5.2.5)
  rails-controller-testing
  rdf (~> 3.1.15)
  riiif (~> 1.1)
  rolify
  rsolr (~> 2.0)
  rspec
  rspec-activemodel-mocks
  rspec-its
  rspec-rails (>= 3.6.0)
  rspec-retry
  rspec_junit_formatter
  rubocop (~> 0.50, <= 0.52.1)
  rubocop-rspec (~> 1.22, <= 1.22.2)
  rubyzip (~> 2.3.2)
  samvera-nesting_indexer!
  sass-rails (~> 5.0)
  scss_lint
  secure_headers
  selenium-webdriver (= 3.142.7)
  sentry-raven
  shoulda-matchers (~> 4.0)
  sidekiq
  simplecov
  solr_wrapper (~> 2.0)
  spring (~> 1.7)
  spring-commands-rspec
  spring-watcher-listen (~> 2.0.0)
  tether-rails
  turbolinks (~> 5)
  uglifier (>= 1.3.0)
  validate_url
  web-console (>= 3.3.0)
  webdrivers (~> 4.0)
  webmock

BUNDLED WITH
   2.3.9
